GEM
  remote: http://rubygems.org/
  specs:
    crack (0.1.8)
    diff-lcs (1.1.3)
    eventmachine (0.12.10)
    httparty (0.7.8)
      crack (= 0.1.8)
    rspec (2.6.0)
      rspec-core (~> 2.6.0)
      rspec-expectations (~> 2.6.0)
      rspec-mocks (~> 2.6.0)
    rspec-core (2.6.4)
    rspec-expectations (2.6.0)
      diff-lcs (~> 1.1.2)
    rspec-mocks (2.6.0)

PLATFORMS
  ruby

DEPENDENCIES
  eventmachine (>= 0.12.8)
  httparty
  rspec
